GEM
  remote: https://rubygems.org/
  specs:
    htmlcompressor (0.4.0)
    json (2.7.1)
    nokogiri (1.16.2-x64-mingw-ucrt)
      racc (~> 1.4)
    racc (1.7.3)

PLATFORMS
  x64-mingw-ucrt

DEPENDENCIES
  htmlcompressor
  json
  nokogiri

BUNDLED WITH
   2.4.19
